GEM
  remote: https://rubygems.org/
  specs:
    activesupport (3.2.13)
      i18n (= 0.6.1)
      multi_json (~> 1.0)
    awesome_print (1.1.0)
    bourne (1.4.0)
      mocha (~> 0.13.2)
    diff-lcs (1.2.2)
    fancy_irb (0.7.3)
      paint (>= 0.8.1)
      unicode-display_width (>= 0.1.1)
    hirb (0.7.1)
    i18n (0.6.1)
    metaclass (0.0.1)
    mobj (2.4.0)
    mocha (0.13.3)
      metaclass (~> 0.0.1)
    multi_json (1.7.2)
    paint (0.8.5)
    rr (1.0.5)
    rspec (2.13.0)
      rspec-core (~> 2.13.0)
      rspec-expectations (~> 2.13.0)
      rspec-mocks (~> 2.13.0)
    rspec-core (2.13.1)
    rspec-expectations (2.13.0)
      diff-lcs (>= 1.1.3, < 2.0)
    rspec-mocks (2.13.0)
    ruby-conf (2.8.0)
    shoulda-matchers (1.5.6)
      activesupport (>= 3.0.0)
      bourne (~> 1.3)
    unicode-display_width (0.1.1)
    wirble (0.1.3)

PLATFORMS
  ruby

DEPENDENCIES
  awesome_print
  fancy_irb
  hirb
  mobj
  rr
  rspec
  ruby-conf
  shoulda-matchers
  wirble
